PATH
  remote: .
  specs:
    solano (1.31.11)
      addressable (>= 2.8.0)
      highline (~> 1.7.3)
      json (>= 2.3.0)
      launchy (~> 2.4)
      nayutaya-msgpack-pure (~> 0.0, >= 0.0.2)
      public_suffix (< 5.0)
      tddium_client (~> 0.6, >= 0.6.5)
      thor

GEM
  remote: https://rubygems.org/
  specs:
    addressable (2.8.0)
      public_suffix (>= 2.0.2, < 5.0)
    antilles (0.1.4)
      bundler
      daemons
      httparty
      json
      mimic
    aruba (0.4.6)
      bcat (>= 0.6.1)
      childprocess (>= 0.2.0)
      cucumber (>= 1.0.2)
      rdiscount (>= 1.6.8)
      rspec (>= 2.6.0)
    bcat (0.6.2)
      rack (~> 1.0)
    builder (3.2.4)
    childprocess (4.1.0)
    cucumber (1.3.20)
      builder (>= 2.1.2)
      diff-lcs (>= 1.1.3)
      gherkin (~> 2.12)
      multi_json (>= 1.7.5, < 2.0)
      multi_test (>= 0.1.2)
    daemons (1.4.1)
    diff-lcs (1.4.4)
    docile (1.3.5)
    eventmachine (1.2.7)
    fakefs (0.13.3)
    gherkin (2.12.2)
      multi_json (~> 1.3)
    highline (1.7.10)
    httparty (0.10.2)
      multi_json (~> 1.0)
      multi_xml (>= 0.5.2)
    httpclient (2.4.0)
    json (2.6.1)
    launchy (2.5.0)
      addressable (~> 2.7)
    mimic (0.4.4)
      json
      plist (~> 3.1.0)
      rack
      sinatra
      thin
    multi_json (1.15.0)
    multi_test (0.1.2)
    multi_xml (0.6.0)
    nayutaya-msgpack-pure (0.0.2)
    pickle (0.5.5)
      cucumber (>= 0.8, < 4.0)
      rake
    plist (3.1.0)
    public_suffix (4.0.6)
    rack (1.6.13)
    rack-protection (1.5.5)
      rack
    rake (10.5.0)
    rdiscount (1.6.8)
    rspec (3.10.0)
      rspec-core (~> 3.10.0)
      rspec-expectations (~> 3.10.0)
      rspec-mocks (~> 3.10.0)
    rspec-core (3.10.1)
      rspec-support (~> 3.10.0)
    rspec-expectations (3.10.1)
      diff-lcs (>= 1.2.0, < 2.0)
      rspec-support (~> 3.10.0)
    rspec-mocks (3.10.2)
      diff-lcs (>= 1.2.0, < 2.0)
      rspec-support (~> 3.10.0)
    rspec-support (3.10.3)
    simplecov (0.18.5)
      docile (~> 1.1)
      simplecov-html (~> 0.11)
    simplecov-html (0.12.3)
    sinatra (1.4.8)
      rack (~> 1.5)
      rack-protection (~> 1.4)
      tilt (>= 1.3, < 3)
    tddium_client (0.6.5)
      httpclient (>= 2.2.5)
      json
    thin (1.8.1)
      daemons (~> 1.0, >= 1.0.9)
      eventmachine (~> 1.0, >= 1.0.4)
      rack (>= 1, < 3)
    thor (1.1.0)
    tilt (2.0.10)

PLATFORMS
  ruby

DEPENDENCIES
  antilles (~> 0.1)
  aruba (= 0.4.6)
  cucumber (~> 1.3)
  daemons (~> 1.1)
  fakefs (~> 0.13.3)
  httparty (~> 0.10.0)
  httpclient (= 2.4.0)
  mimic (~> 0.4)
  pickle (~> 0.5)
  rake (~> 10.4)
  rdiscount (= 1.6.8)
  rspec (~> 3.1)
  simplecov (~> 0.9)
  solano!

BUNDLED WITH
   2.2.33
